GEM
  remote: https://rubygems.org/
  specs:
    cells (4.1.7)
      declarative-builder (< 0.2.0)
      declarative-option (< 0.2.0)
      tilt (>= 1.4, < 3)
      uber (< 0.2.0)
    cells-erb (0.1.0)
      cells (~> 4.0)
      erbse (>= 0.1.1)
    concurrent-ruby (1.1.8)
    declarative-builder (0.1.0)
      declarative-option (< 0.2.0)
    declarative-option (0.1.0)
    erbse (0.1.4)
      temple
    hanami-controller (1.3.3)
      hanami-utils (~> 1.3)
      rack (~> 2.0)
    hanami-router (1.3.2)
      hanami-utils (~> 1.3)
      http_router (= 0.11.2)
      rack (~> 2.0)
    hanami-utils (1.3.8)
      concurrent-ruby (~> 1.0)
      transproc (~> 1.0)
    http_router (0.11.2)
      rack (>= 1.0.0)
      url_mount (~> 0.2.1)
    pg (1.2.3-x64-mingw32)
    rack (2.2.3)
    rack-console (1.3.1)
      rack (>= 1.1)
      rack-test
    rack-test (1.1.0)
      rack (>= 1.0, < 3)
    sequel (5.45.0)
    temple (0.8.2)
    tilt (2.0.10)
    transproc (1.1.1)
    uber (0.1.0)
    url_mount (0.2.1)
      rack

PLATFORMS
  x64-mingw32

DEPENDENCIES
  cells
  cells-erb
  hanami-controller
  hanami-router
  pg
  rack-console
  sequel

BUNDLED WITH
   2.1.4
